GIT
  remote: git://github.com/interexchange/jekyll-import.git
  revision: 715f9952db3b5e8b5eb458ff3ab73eb4ce094fc3
  branch: wordpress-extension
  specs:
    jekyll-import (0.7.1)
      fastercsv
      jekyll (>= 1.4)
      nokogiri

GIT
  remote: git://github.com/jekyll/jekyll.git
  revision: 90514b3536c2a6d6dfc379b91bd1252c3bc09dad
  specs:
    jekyll (3.0.0.pre.beta8)
      colorator (~> 0.1)
      jekyll-sass-converter (~> 1.0)
      jekyll-watch (~> 1.1)
      kramdown (~> 1.3)
      liquid (~> 3.0)
      mercenary (~> 0.3.3)
      rouge (~> 1.7)
      safe_yaml (~> 1.0)

GEM
  remote: https://rubygems.org/
  specs:
    celluloid (0.16.0)
      timers (~> 4.0.0)
    colorator (0.1)
    dotenv (2.0.2)
    fastercsv (1.5.5)
    ffi (1.9.10)
    foreman (0.78.0)
      thor (~> 0.19.1)
    git-version-bump (0.15.1)
    hitimes (1.2.2)
    htmlentities (4.3.4)
    jekyll-sass-converter (1.3.0)
      sass (~> 3.2)
    jekyll-tagging (1.0.1)
      ruby-nuggets
    jekyll-watch (1.2.1)
      listen (~> 2.7)
    kramdown (1.8.0)
    liquid (3.0.3)
    listen (2.10.1)
      celluloid (~> 0.16.0)
      rb-fsevent (>= 0.9.3)
      rb-inotify (>= 0.9)
    mercenary (0.3.5)
    mini_portile (0.6.2)
    mysql2 (0.3.18)
    nokogiri (1.6.6.2)
      mini_portile (~> 0.6.0)
    nuggets (1.0.0)
    puma (2.11.3)
      rack (>= 1.1, < 2.0)
    rack (1.6.4)
    rack-contrib (1.3.0)
      git-version-bump (~> 0.15)
      rack (~> 1.4)
    rack-ssl (1.4.1)
      rack
    rake (10.4.2)
    rb-fsevent (0.9.5)
    rb-inotify (0.9.5)
      ffi (>= 0.5.0)
    rouge (1.9.0)
    ruby-nuggets (1.0.0)
      nuggets (= 1.0.0)
    safe_yaml (1.0.4)
    sass (3.4.15)
    sequel (4.24.0)
    thor (0.19.1)
    timers (4.0.1)
      hitimes
    unidecode (1.0.0)

PLATFORMS
  ruby

DEPENDENCIES
  dotenv
  foreman
  htmlentities
  jekyll!
  jekyll-import!
  jekyll-tagging
  mysql2
  puma
  rack-contrib
  rack-ssl
  rake
  sequel
  unidecode
