GEM
  remote: https://rubygems.org/
  specs:
    RedCloth (4.2.9)
    actionmailer (2.3.8)
      actionpack (= 2.3.8)
    actionpack (2.3.8)
      activesupport (= 2.3.8)
      rack (~> 1.1.0)
    activerecord (2.3.8)
      activesupport (= 2.3.8)
    activeresource (2.3.8)
      activesupport (= 2.3.8)
    activesupport (2.3.8)
    acts_as_list (0.1.2)
    aws-s3 (0.6.2)
      builder
      mime-types
      xml-simple
    builder (3.2.2)
    foreman (0.78.0)
      thor (~> 0.19.1)
    iconv (1.0.4)
    mime-types (2.6.1)
    paperclip (2.3.1.1)
    rack (1.1.6)
    radiant (0.9.1)
      RedCloth (>= 4.0.0)
      rack (~> 1.1.0)
      rake (>= 0.8.3)
      will_paginate (~> 2.3.11)
    rails (2.3.8)
      actionmailer (= 2.3.8)
      actionpack (= 2.3.8)
      activerecord (= 2.3.8)
      activeresource (= 2.3.8)
      activesupport (= 2.3.8)
      rake (>= 0.8.3)
    rake (10.4.2)
    responds_to_parent (1.0.20091013)
    thor (0.19.1)
    will_paginate (2.3.12)
    xml-simple (1.1.5)
    yaml_db (0.1.0)

PLATFORMS
  ruby

DEPENDENCIES
  acts_as_list
  aws-s3
  foreman
  iconv
  paperclip
  radiant
  rails
  responds_to_parent
  will_paginate
  yaml_db
